PATH
  remote: .
  specs:
    tilt-mustache (0.0.1)
      mustache
      tilt

GEM
  remote: http://rubygems.org/
  specs:
    mustache (0.12.0)
    tilt (1.1)

PLATFORMS
  x86-mingw32

DEPENDENCIES
  mustache
  tilt
  tilt-mustache!
